GEM
  remote: https://rubygems.org/
  specs:
    awesome_print (1.8.0)
    daemons (1.3.1)
    sqlite3 (1.3.13)

PLATFORMS
  ruby

DEPENDENCIES
  awesome_print (~> 1.8)
  daemons (~> 1.3)
  sqlite3 (~> 1.3)
